GEM
  remote: https://rubygems.org/
  specs:
    alpaca-trade-api (0.6.0)
      faraday (~> 0.15)
    faraday (0.17.3)
      multipart-post (>= 1.2, < 3)
    multipart-post (2.1.1)

PLATFORMS
  ruby

DEPENDENCIES
  alpaca-trade-api

BUNDLED WITH
   2.1.4
